PATH
  remote: .
  specs:
    enolib (0.5.2)

GEM
  remote: https://rubygems.org/
  specs:
    ast (2.4.0)
    backports (3.14.0)
    binding_of_caller (0.8.0)
      debug_inspector (>= 0.0.1)
    coderay (1.1.2)
    debug_inspector (0.0.3)
    deep-cover (0.7.3)
      deep-cover-core (= 0.7.3)
      highline
      thor (>= 0.20.3)
      with_progress
    deep-cover-core (0.7.3)
      backports (>= 3.11.0)
      binding_of_caller
      parser (~> 2.5.0)
      pry
      term-ansicolor
      terminal-table
    diff-lcs (1.3)
    highline (2.0.2)
    jaro_winkler (1.5.2)
    method_source (0.9.2)
    parallel (1.17.0)
    parser (2.5.3.0)
      ast (~> 2.4.0)
    pry (0.12.2)
      coderay (~> 1.1.0)
      method_source (~> 0.9.0)
    rainbow (3.0.0)
    rspec (3.8.0)
      rspec-core (~> 3.8.0)
      rspec-expectations (~> 3.8.0)
      rspec-mocks (~> 3.8.0)
    rspec-cheki (0.1.0)
      rspec (~> 3.0)
    rspec-core (3.8.0)
      rspec-support (~> 3.8.0)
    rspec-expectations (3.8.3)
      diff-lcs (>= 1.2.0, < 2.0)
      rspec-support (~> 3.8.0)
    rspec-mocks (3.8.0)
      diff-lcs (>= 1.2.0, < 2.0)
      rspec-support (~> 3.8.0)
    rspec-support (3.8.0)
    rubocop (0.68.1)
      jaro_winkler (~> 1.5.1)
      parallel (~> 1.10)
      parser (>= 2.5, != 2.5.1.1)
      rainbow (>= 2.2.2, < 4.0)
      ruby-progressbar (~> 1.7)
      unicode-display_width (>= 1.4.0, < 1.6)
    rubocop-performance (1.2.0)
      rubocop (>= 0.68.0)
    ruby-progressbar (1.10.0)
    term-ansicolor (1.7.1)
      tins (~> 1.0)
    terminal-table (1.8.0)
      unicode-display_width (~> 1.1, >= 1.1.1)
    thor (0.20.3)
    tins (1.20.2)
    unicode-display_width (1.5.0)
    with_progress (1.0.1)
      ruby-progressbar (~> 1.4)

PLATFORMS
  ruby

DEPENDENCIES
  deep-cover (~> 0.7.1)
  enolib!
  rspec (~> 3.8)
  rspec-cheki (= 0.1.0)
  rubocop
  rubocop-performance

BUNDLED WITH
   1.17.2
